GIT
  remote: https://github.com/pooza/ginseng-core.git
  revision: 11414273cbc19349212f46d6dc48e15445ab29f4
  specs:
    ginseng-core (1.13.6)
      activesupport (>= 6.1.3.2)
      addressable (>= 2.8.0)
      bundler (~> 2.0)
      cgi (>= 0.3.1)
      daemon-spawn
      date (>= 3.2.1)
      erb
      etc
      facets
      fileutils (~> 1.6.0)
      find
      httparty
      json-schema
      mail
      multi_json
      net-protocol
      net-smtp
      nokogiri (>= 1.13.6)
      optparse
      rake
      rest-client
      sanitize
      securerandom
      set
      time
      yajl-ruby (>= 1.4.3)
      zeitwerk (>= 2.4.0)
      zlib

GIT
  remote: https://github.com/pooza/ginseng-youtube.git
  revision: f70fdb94ecee51ea6bf145258baad91a48ac8e66
  specs:
    ginseng-youtube (1.0.2)

GEM
  remote: https://rubygems.org/
  specs:
    activesupport (7.0.3)
      concurrent-ruby (~> 1.0, >= 1.0.2)
      i18n (>= 1.6, < 2)
      minitest (>= 5.1)
      tzinfo (~> 2.0)
    addressable (2.8.0)
      public_suffix (>= 2.0.2, < 5.0)
    ast (2.4.2)
    cgi (0.3.2)
    concurrent-ruby (1.1.10)
    crass (1.0.6)
    daemon-spawn (0.4.2)
    date (3.2.2)
    digest (3.1.0)
    domain_name (0.5.20190701)
      unf (>= 0.0.5, < 1.0.0)
    erb (2.2.3)
      cgi
    etc (1.3.0)
    facets (3.1.0)
    fileutils (1.6.0)
    find (0.1.1)
    http-accept (1.7.0)
    http-cookie (1.0.5)
      domain_name (~> 0.5)
    httparty (0.20.0)
      mime-types (~> 3.0)
      multi_xml (>= 0.5.2)
    i18n (1.10.0)
      concurrent-ruby (~> 1.0)
    json (2.6.2)
    json-schema (3.0.0)
      addressable (>= 2.8)
    mail (2.7.1)
      mini_mime (>= 0.1.1)
    mime-types (3.4.1)
      mime-types-data (~> 3.2015)
    mime-types-data (3.2022.0105)
    mini_mime (1.1.2)
    mini_portile2 (2.8.0)
    minitest (5.15.0)
    multi_json (1.15.0)
    multi_xml (0.6.0)
    net-protocol (0.1.3)
      timeout
    net-smtp (0.3.1)
      digest
      net-protocol
      timeout
    netrc (0.11.0)
    nokogiri (1.13.6)
      mini_portile2 (~> 2.8.0)
      racc (~> 1.4)
    nokogiri (1.13.6-x86_64-linux)
      racc (~> 1.4)
    optparse (0.2.0)
    parallel (1.22.1)
    parser (3.1.2.1)
      ast (~> 2.4.1)
    power_assert (2.0.1)
    public_suffix (4.0.7)
    racc (1.6.0)
    rainbow (3.1.1)
    rake (13.0.6)
    regexp_parser (2.5.0)
    rest-client (2.1.0)
      http-accept (>= 1.7.0, < 2.0)
      http-cookie (>= 1.0.2, < 2.0)
      mime-types (>= 1.16, < 4.0)
      netrc (~> 0.8)
    rexml (3.2.5)
    ricecream (0.2.1)
    rubocop (1.35.1)
      json (~> 2.3)
      parallel (~> 1.10)
      parser (>= 3.1.2.1)
      rainbow (>= 2.2.2, < 4.0)
      regexp_parser (>= 1.8, < 3.0)
      rexml (>= 3.2.5, < 4.0)
      rubocop-ast (>= 1.20.1, < 2.0)
      ruby-progressbar (~> 1.7)
      unicode-display_width (>= 1.4.0, < 3.0)
    rubocop-ast (1.21.0)
      parser (>= 3.1.1.0)
    rubocop-minitest (0.20.1)
      rubocop (>= 0.90, < 2.0)
    rubocop-performance (1.14.2)
      rubocop (>= 1.7.0, < 2.0)
      rubocop-ast (>= 0.4.0)
    rubocop-rake (0.6.0)
      rubocop (~> 1.0)
    ruby-progressbar (1.11.0)
    sanitize (6.0.0)
      crass (~> 1.0.2)
      nokogiri (>= 1.12.0)
    securerandom (0.2.0)
    set (1.0.2)
    test-unit (3.5.3)
      power_assert
    time (0.2.0)
      date
    timecop (0.9.5)
    timeout (0.3.0)
    tzinfo (2.0.4)
      concurrent-ruby (~> 1.0)
    unf (0.1.4)
      unf_ext
    unf_ext (0.0.8.2)
    unicode-display_width (2.2.0)
    yajl-ruby (1.4.3)
    zeitwerk (2.6.0)
    zlib (2.1.1)

PLATFORMS
  x86_64-freebsd-12
  x86_64-freebsd-13
  x86_64-linux

DEPENDENCIES
  ginseng-core!
  ginseng-youtube!
  optparse
  ricecream
  rubocop
  rubocop-minitest
  rubocop-performance
  rubocop-rake
  test-unit
  timecop

RUBY VERSION
   ruby 3.1.2p20

BUNDLED WITH
   2.3.15
