GIT
  remote: https://github.com/pooza/ginseng-core.git
  revision: d88eaf4916bad3ce14a2f9a0cf2d49aea066cb5c
  specs:
    ginseng-core (1.14.5)
      activesupport (>= 7.0.7.1)
      addressable (>= 2.8.0)
      bundler (~> 2.0)
      cgi (>= 0.3.5)
      csv
      daemon-spawn
      date (>= 3.2.1)
      erb
      etc
      facets
      fileutils (~> 1.7.0)
      find
      httparty (>= 0.21.0)
      json-schema
      mail
      multi_json
      net-protocol
      net-smtp
      nokogiri (>= 1.16.5)
      optparse
      rake
      rest-client
      sanitize (>= 6.0.2)
      securerandom
      set
      syslog
      time (>= 0.2.2)
      yajl-ruby (>= 1.4.3)
      zeitwerk (>= 2.4.0)
      zlib

GIT
  remote: https://github.com/pooza/ginseng-youtube.git
  revision: f70fdb94ecee51ea6bf145258baad91a48ac8e66
  specs:
    ginseng-youtube (1.0.2)

GEM
  remote: https://rubygems.org/
  specs:
    activesupport (8.0.1)
      base64
      benchmark (>= 0.3)
      bigdecimal
      concurrent-ruby (~> 1.0, >= 1.3.1)
      connection_pool (>= 2.2.5)
      drb
      i18n (>= 1.6, < 2)
      logger (>= 1.4.2)
      minitest (>= 5.1)
      securerandom (>= 0.3)
      tzinfo (~> 2.0, >= 2.0.5)
      uri (>= 0.13.1)
    addressable (2.8.7)
      public_suffix (>= 2.0.2, < 7.0)
    ast (2.4.2)
    base64 (0.2.0)
    benchmark (0.4.0)
    bigdecimal (3.1.9)
    cgi (0.4.1)
    concurrent-ruby (1.3.4)
    connection_pool (2.4.1)
    crass (1.0.6)
    csv (3.3.2)
    daemon-spawn (0.4.2)
    date (3.4.1)
    domain_name (0.6.20240107)
    drb (2.2.1)
    erb (4.0.4)
      cgi (>= 0.3.3)
    etc (1.4.5)
    facets (3.1.0)
    fileutils (1.7.3)
    find (0.2.0)
    http-accept (1.7.0)
    http-cookie (1.0.8)
      domain_name (~> 0.5)
    httparty (0.22.0)
      csv
      mini_mime (>= 1.0.0)
      multi_xml (>= 0.5.2)
    i18n (1.14.6)
      concurrent-ruby (~> 1.0)
    json (2.9.1)
    json-schema (5.1.1)
      addressable (~> 2.8)
      bigdecimal (~> 3.1)
    language_server-protocol (3.17.0.3)
    logger (1.6.4)
    mail (2.8.1)
      mini_mime (>= 0.1.1)
      net-imap
      net-pop
      net-smtp
    mime-types (3.6.0)
      logger
      mime-types-data (~> 3.2015)
    mime-types-data (3.2024.1203)
    mini_mime (1.1.5)
    mini_portile2 (2.8.8)
    minitest (5.25.4)
    multi_json (1.15.0)
    multi_xml (0.7.1)
      bigdecimal (~> 3.1)
    net-imap (0.5.4)
      date
      net-protocol
    net-pop (0.1.2)
      net-protocol
    net-protocol (0.2.2)
      timeout
    net-smtp (0.5.0)
    netrc (0.11.0)
    nokogiri (1.18.1)
      mini_portile2 (~> 2.8.2)
      racc (~> 1.4)
    nokogiri (1.18.1-x86_64-linux-gnu)
      racc (~> 1.4)
    optparse (0.6.0)
    parallel (1.26.3)
    parser (3.3.6.0)
      ast (~> 2.4.1)
      racc
    power_assert (2.0.5)
    public_suffix (6.0.1)
    racc (1.8.1)
    rainbow (3.1.1)
    rake (13.2.1)
    regexp_parser (2.10.0)
    rest-client (2.1.0)
      http-accept (>= 1.7.0, < 2.0)
      http-cookie (>= 1.0.2, < 2.0)
      mime-types (>= 1.16, < 4.0)
      netrc (~> 0.8)
    ricecream (0.2.1)
    rubocop (1.69.2)
      json (~> 2.3)
      language_server-protocol (>= 3.17.0)
      parallel (~> 1.10)
      parser (>= 3.3.0.2)
      rainbow (>= 2.2.2, < 4.0)
      regexp_parser (>= 2.9.3, < 3.0)
      rubocop-ast (>= 1.36.2, < 2.0)
      ruby-progressbar (~> 1.7)
      unicode-display_width (>= 2.4.0, < 4.0)
    rubocop-ast (1.37.0)
      parser (>= 3.3.1.0)
    rubocop-minitest (0.36.0)
      rubocop (>= 1.61, < 2.0)
      rubocop-ast (>= 1.31.1, < 2.0)
    rubocop-performance (1.23.0)
      rubocop (>= 1.48.1, < 2.0)
      rubocop-ast (>= 1.31.1, < 2.0)
    rubocop-rake (0.6.0)
      rubocop (~> 1.0)
    ruby-progressbar (1.13.0)
    sanitize (7.0.0)
      crass (~> 1.0.2)
      nokogiri (>= 1.16.8)
    securerandom (0.4.1)
    set (1.1.1)
    syslog (0.2.0)
    test-unit (3.6.7)
      power_assert
    time (0.4.1)
      date
    timecop (0.9.10)
    timeout (0.4.3)
    tzinfo (2.0.6)
      concurrent-ruby (~> 1.0)
    unicode-display_width (3.1.3)
      unicode-emoji (~> 4.0, >= 4.0.4)
    unicode-emoji (4.0.4)
    uri (1.0.2)
    yajl-ruby (1.4.3)
    zeitwerk (2.7.1)
    zlib (3.2.1)

PLATFORMS
  x86_64-freebsd-12
  x86_64-freebsd-13
  x86_64-freebsd-14
  x86_64-linux

DEPENDENCIES
  ginseng-core!
  ginseng-youtube!
  optparse
  ricecream
  rubocop
  rubocop-minitest
  rubocop-performance
  rubocop-rake
  test-unit
  timecop

RUBY VERSION
   ruby 3.4.1p0

BUNDLED WITH
   2.6.2
